GEM
  remote: https://rubygems.org/
  specs:
    benchmark-ips (2.1.1)
    childprocess (0.5.5)
      ffi (~> 1.0, >= 1.0.11)
    ffi (1.9.8)
    multi_json (1.11.0)
    ruby-prof (0.15.4)
    rubyzip (1.1.7)
    selenium-webdriver (2.45.0)
      childprocess (~> 0.5)
      multi_json (~> 1.0)
      rubyzip (~> 1.0)
      websocket (~> 1.0)
    websocket (1.2.1)

PLATFORMS
  ruby

DEPENDENCIES
  benchmark-ips
  ruby-prof
  selenium-webdriver
